{
	"TaskName": "ssvep",
	"Manufacturer": "Electrical Geodesics",
	"PowerLineFrequency": 50.0,
	"SamplingFrequency": 250.0,
	"SoftwareFilters": "n/a",
	"RecordingDuration": 335.856,
	"RecordingType": "continuous",
	"EEGReference": "Cz",
	"EEGGround": "n/a",
	"EEGPlacementScheme": "Geodesic Sensor Net 256",
	"EEGChannelCount": 256,
	"EOGChannelCount": 0,
	"ECGChannelCount": 0,
	"EMGChannelCount": 0,
	"TriggerChannelCount": 0,
	"ManufacturersModelName": "EGI 300 Geodesic EEG System (GES 300)",
	"CapManufacturer": "EGI",
	"CapManufacturersModelName": "HydroCel Geodesic Sensor Net (HCGSN)",
	"HardwareFilters": "n/a",
	"TaskDescription": "Subjects focus attention on visual stimuli flickering at different frequencies (6.66, 7.50, 8.57, 10.00, 12.00 Hz) to select commands. Each stimulus presented for 5 seconds followed by 5 seconds rest. Trial duration: 5.0s, stimulus frequencies: [6.66, 7.5, 8.57, 10.0, 12.0] Hz.",
	"Instructions": "n/a",
	"InstitutionName": "Centre for Research and Technology Hellas (CERTH)",
	"InstitutionAddress": "GR",
	"InstitutionalDepartmentName": "n/a",
	"SubjectArtefactDescription": "Impedance kept below 80.0 kOhm",
	"DeviceSerialNumber": "n/a",
	"Description": "EEG recording.",
	"MISCChannelCount": 0
}